PATH
  remote: .
  specs:
    primo (0.0.3)

GEM
  remote: http://rubygems.org/
  specs:

PLATFORMS
  ruby

DEPENDENCIES
  primo!
