PATH
  remote: .
  specs:
    primo (0.1.0)
      commander
      inifile
      terminal-table

GEM
  remote: http://rubygems.org/
  specs:
    commander (4.1.3)
      highline (~> 1.6.11)
    highline (1.6.15)
    inifile (2.0.2)
    terminal-table (1.4.5)

PLATFORMS
  ruby

DEPENDENCIES
  primo!
